GEM
  remote: http://rubygems.org/
  specs:
    axiom-types (0.1.1)
      descendants_tracker (~> 0.0.4)
      ice_nine (~> 0.11.0)
      thread_safe (~> 0.3, >= 0.3.1)
    coercible (1.0.0)
      descendants_tracker (~> 0.0.1)
    concurrent-ruby (1.1.8)
    descendants_tracker (0.0.4)
      thread_safe (~> 0.3, >= 0.3.1)
    docile (1.3.5)
    equalizer (0.0.11)
    faraday (1.1.0)
      multipart-post (>= 1.2, < 3)
      ruby2_keywords
    ice_nine (0.11.2)
    inflecto (0.0.2)
    json (2.5.1)
    multipart-post (2.1.1)
    net-http-persistent (2.9.4)
    nio4r (2.5.7)
    puma (4.3.6)
      nio4r (~> 2.0)
    ruby2_keywords (0.0.2)
    simplecov (0.21.2)
      docile (~> 1.1)
      simplecov-html (~> 0.11)
      simplecov_json_formatter (~> 0.1)
    simplecov-html (0.12.3)
    simplecov_json_formatter (0.1.2)
    telegram-bot-ruby (0.13.0)
      faraday
      inflecto
      virtus
    thread_safe (0.3.6)
    tzinfo (2.0.4)
      concurrent-ruby (~> 1.0)
    tzinfo-data (1.2021.1)
      tzinfo (>= 1.0.0)
    virtus (1.0.5)
      axiom-types (~> 0.1)
      coercible (~> 1.0)
      descendants_tracker (~> 0.0, >= 0.0.3)
      equalizer (~> 0.0, >= 0.0.9)

PLATFORMS
  x64-mingw32

DEPENDENCIES
  json
  net-http-persistent (~> 2.9)
  puma (~> 4.1)
  simplecov
  telegram-bot-ruby
  tzinfo-data

BUNDLED WITH
   2.2.14
